GEM
  remote: https://rubygems.org/
  specs:
    nokogiri (1.13.1-arm64-darwin)
      racc (~> 1.4)
    racc (1.6.0)
    rugged (1.3.1)

PLATFORMS
  arm64-darwin-20

DEPENDENCIES
  nokogiri
  rugged (~> 1.3)

BUNDLED WITH
   2.2.22
